GEM
  remote: https://rubygems.org/
  specs:
    actionhook (1.0.1)

PLATFORMS
  ruby

DEPENDENCIES
  actionhook

BUNDLED WITH
   2.1.4
